NUGET
  remote: https://nuget.org/api/v2
  specs:
    Autofac (3.3.1)
    Autofac.Mef (3.0.3)
      Autofac (>= 3.3.1 <  4.0.0)
    AutoFixture (3.18.8)
    AutoFixture.AutoMoq (3.18.8)
      AutoFixture (>= 3.18.8)
      Moq (>= 3.1)
    AutoFixture.Xunit (3.18.8)
      AutoFixture (>= 3.18.8)
      xunit.extensions (>= 1.8.0.1549)
    Common.Logging (2.1.2)
    ICSharpCode.NRefactory (5.3.0)
      Mono.Cecil (>= 0.9.5.2)
    LiteGuard.Source (0.8.0)
    Microsoft.Web.Xdt (2.1.0)
    Mono.Cecil (0.9.5.4)
    Mono.CSharp (3.6.1)
    Moq (4.2.1402.2112)
    Newtonsoft.Json (6.0.3)
    NuGet.CommandLine (2.8.3)
    Nuget.Core (2.8.2)
      Microsoft.Web.Xdt (>= 2.1.0)
    PowerArgs (2.0.5)
    Roslyn.Compilers.Common (1.2.20906.2)
    Roslyn.Compilers.CSharp (1.2.20906.2)
      Roslyn.Compilers.Common (>= 1.2.20906.2)
    Should (1.1.20)
    StyleCop.MSBuild (4.7.49.0)
    Xbehave (1.1.0)
      xunit (1.9.2)
      xunit.extensions (1.9.2)
    xunit (1.9.2)
    xunit.extensions (1.9.2)
      xunit (1.9.2)
    xunit.runners (1.9.2)
